{
  "TaskName": "ChimericMusic",
  "Manufacturer": "Brain Products",
  "EEGReference": "Unknown",
  "SamplingFrequency": 10000,
  "PowerLineFrequency": 50,
  "SoftwareFilters": "n/a",
  "EEGChannelCount": 63,
  "ECGChannelCount": 0,
  "EMGChannelCount": 0,
  "EOGChannelCount": 0,
  "MiscChannelCount": 0,
  "TriggerChannelCount": 0,
  "RecordingType": "continuous"
}